GENERATE-LOAD-SCRIPTS: ON
RESTRICTION: == net8.0
NUGET
  remote: https://api.nuget.org/v3/index.json
    Argu (6.2.5)
      FSharp.Core (>= 6.0)
      System.Configuration.ConfigurationManager (>= 4.4)
    Deedle (3.0)
      FSharp.Core (>= 4.5.2)
    FsCheck (3.2)
      FSharp.Core (>= 5.0.2)
    FsCheck.Xunit (3.2)
      FsCheck (3.2)
      FSharp.Core (>= 5.0.2)
      xunit.extensibility.execution (>= 2.4.1 < 3.0)
    FSharp.Core (9.0.300)
    FSharp.Data (6.6)
      FSharp.Core (>= 6.0.1)
      FSharp.Data.Csv.Core (>= 6.6)
      FSharp.Data.Html.Core (>= 6.6)
      FSharp.Data.Http (>= 6.6)
      FSharp.Data.Json.Core (>= 6.6)
      FSharp.Data.Runtime.Utilities (>= 6.6)
      FSharp.Data.WorldBank.Core (>= 6.6)
      FSharp.Data.Xml.Core (>= 6.6)
    FSharp.Data.Csv.Core (6.6)
      FSharp.Core (>= 6.0.1)
      FSharp.Data.Runtime.Utilities (>= 6.6)
    FSharp.Data.Html.Core (6.6)
      FSharp.Core (>= 6.0.1)
      FSharp.Data.Csv.Core (>= 6.6)
      FSharp.Data.Runtime.Utilities (>= 6.6)
    FSharp.Data.Http (6.6)
      FSharp.Core (>= 6.0.1)
    FSharp.Data.Json.Core (6.6)
      FSharp.Core (>= 6.0.1)
      FSharp.Data.Http (>= 6.6)
      FSharp.Data.Runtime.Utilities (>= 6.6)
    FSharp.Data.Runtime.Utilities (6.6)
      FSharp.Core (>= 6.0.1)
      FSharp.Data.Http (>= 6.6)
    FSharp.Data.WorldBank.Core (6.6)
      FSharp.Core (>= 6.0.1)
      FSharp.Data.Http (>= 6.6)
      FSharp.Data.Json.Core (>= 6.6)
      FSharp.Data.Runtime.Utilities (>= 6.6)
    FSharp.Data.Xml.Core (6.6)
      FSharp.Core (>= 6.0.1)
      FSharp.Data.Http (>= 6.6)
      FSharp.Data.Json.Core (>= 6.6)
      FSharp.Data.Runtime.Utilities (>= 6.6)
    MathNet.Numerics (5.0)
    MathNet.Numerics.FSharp (5.0)
      FSharp.Core (>= 6.0.2)
      MathNet.Numerics (>= 5.0)
    MathNet.Numerics.MKL.Win-x64 (3.0)
      MathNet.Numerics.Providers.MKL (>= 5.0)
    MathNet.Numerics.Providers.MKL (5.0)
      MathNet.Numerics (>= 5.0)
    Microsoft.CodeCoverage (17.13)
    Microsoft.NET.Test.Sdk (17.13)
      Microsoft.CodeCoverage (>= 17.13)
      Microsoft.TestPlatform.TestHost (>= 17.13)
    Microsoft.TestPlatform.ObjectModel (17.13)
      System.Reflection.Metadata (>= 1.6)
    Microsoft.TestPlatform.TestHost (17.13)
      Microsoft.TestPlatform.ObjectModel (>= 17.13)
      Newtonsoft.Json (>= 13.0.1)
    Newtonsoft.Json (13.0.3)
    QLNet (1.13.1)
    Serilog (4.2)
    Serilog.Sinks.File (7.0)
      Serilog (>= 4.2)
    System.Configuration.ConfigurationManager (9.0.5)
      System.Diagnostics.EventLog (>= 9.0.5)
      System.Security.Cryptography.ProtectedData (>= 9.0.5)
    System.Diagnostics.EventLog (9.0.5)
    System.Reflection.Metadata (9.0.5)
    System.Security.Cryptography.ProtectedData (9.0.5)
    XUnit (2.9.3)
      xunit.analyzers (>= 1.18)
      xunit.assert (>= 2.9.3)
      xunit.core (2.9.3)
    xunit.abstractions (2.0.3)
    xunit.analyzers (1.21)
    xunit.assert (2.9.3)
    xunit.core (2.9.3)
      xunit.extensibility.core (2.9.3)
      xunit.extensibility.execution (2.9.3)
    xunit.extensibility.core (2.9.3)
      xunit.abstractions (>= 2.0.3)
    xunit.extensibility.execution (2.9.3)
      xunit.extensibility.core (2.9.3)
    xunit.runner.visualstudio (3.1)
